GIT
  remote: git://github.com/arax/vcr.git
  revision: e82e843ceddd8822acea59846b015bcabf1906df
  branch: test_framework_patches
  specs:
    vcr (2.4.0)

GIT
  remote: git://github.com/jruby/warbler.git
  revision: 75da5228c39d0e1f93599fb61db2575f2369fee7
  specs:
    warbler (1.3.7.dev)
      jruby-jars (>= 1.4.0)
      jruby-rack (>= 1.0.0)
      rake (>= 0.8.7)
      rubyzip (>= 0.9.4)

PATH
  remote: .
  specs:
    occi (3.0.0)
      activesupport
      amqp
      antlr3
      hashie
      highline
      httparty
      i18n
      json
      nokogiri
      uuidtools (>= 2.1.3)

GEM
  remote: http://rubygems.org/
  specs:
    activesupport (3.2.11)
      i18n (~> 0.6)
      multi_json (~> 1.0)
    addressable (2.3.2)
    amq-client (0.9.11)
      amq-protocol (>= 1.0.1)
      eventmachine
    amq-protocol (1.1.0)
    amqp (0.9.8)
      amq-client (~> 0.9.5)
      amq-protocol (>= 0.9.4)
      eventmachine
    antlr3 (1.8.12)
    builder (3.1.4)
    crack (0.3.2)
    cucumber (1.2.1)
      builder (>= 2.1.2)
      diff-lcs (>= 1.1.3)
      gherkin (~> 2.11.0)
      json (>= 1.4.6)
    diff-lcs (1.1.3)
    eventmachine (1.0.0)
    eventmachine (1.0.0-java)
    gherkin (2.11.5)
      json (>= 1.4.6)
    gherkin (2.11.5-java)
      json (>= 1.4.6)
    hashie (1.2.0)
    highline (1.6.15)
    httparty (0.10.2)
      multi_json (~> 1.0)
      multi_xml (>= 0.5.2)
    i18n (0.6.1)
    jruby-jars (1.7.2)
    jruby-rack (1.1.13.1)
    json (1.7.6)
    json (1.7.6-java)
    multi_json (1.5.0)
    multi_xml (0.5.2)
    nokogiri (1.5.6)
    nokogiri (1.5.6-java)
    rake (10.0.3)
    rspec (2.12.0)
      rspec-core (~> 2.12.0)
      rspec-expectations (~> 2.12.0)
      rspec-mocks (~> 2.12.0)
    rspec-core (2.12.2)
    rspec-expectations (2.12.1)
      diff-lcs (~> 1.1.3)
    rspec-http (0.10.0)
      rspec (~> 2.0)
    rspec-mocks (2.12.1)
    rubyzip (0.9.9)
    simplecov (0.7.1)
      multi_json (~> 1.0)
      simplecov-html (~> 0.7.1)
    simplecov-html (0.7.1)
    uuidtools (2.1.3)
    webmock (1.9.0)
      addressable (>= 2.2.7)
      crack (>= 0.1.7)
    yard (0.8.3)
    yard-cucumber (2.2.2)
      cucumber (>= 0.7.5)
      gherkin (>= 2.2.9)
      yard (>= 0.8.1)
    yard-rspec (0.1)
      yard
    yard-sinatra (1.0.0)
      yard (~> 0.7)

PLATFORMS
  java
  ruby

DEPENDENCIES
  builder
  occi!
  rake
  rspec
  rspec-http
  simplecov
  vcr!
  warbler!
  webmock
  yard
  yard-cucumber
  yard-rspec
  yard-sinatra
